GEM
  remote: https://rubygems.org/
  specs:
    interval_set (0.2.3)
      treemap-fork (~> 1.0, >= 1.0.4.2)
    minitest (5.14.4)
    treemap-fork (1.0.4.2)

PLATFORMS
  ruby

DEPENDENCIES
  interval_set
  minitest

RUBY VERSION
   ruby 2.7.2p137

BUNDLED WITH
   2.1.4
